GEM
  remote: https://rubygems.org/
  specs:
    rack (2.1.4)
    rack-app (7.5.2)
      rack

PLATFORMS
  ruby

DEPENDENCIES
  rack
  rack-app

BUNDLED WITH
   1.17.3
